PATH
  remote: .
  specs:
    canvasinput-rails (1.2.7.1)

GEM
  remote: https://rubygems.org/
  specs:
    rake (10.5.0)

PLATFORMS
  ruby

DEPENDENCIES
  bundler (~> 1.16)
  canvasinput-rails!
  rake (~> 10.0)

BUNDLED WITH
   1.16.2
